GEM
  remote: http://rubygems.org/
  specs:
    builder (3.0.0)
    childprocess (0.3.1)
      ffi (~> 1.0.6)
    cucumber (1.1.3)
      builder (>= 2.1.2)
      diff-lcs (>= 1.1.2)
      gherkin (~> 2.6.7)
      json (>= 1.4.6)
      term-ansicolor (>= 1.0.6)
    diff-lcs (1.1.2)
    ffi (1.0.11)
    gherkin (2.6.9)
      json (>= 1.4.6)
    json (1.5.3)
    multi_json (1.0.4)
    page-object (0.6.3)
      selenium-webdriver (>= 2.20.0)
      watir-webdriver (>= 0.5.3)
    rake (0.9.2)
    rspec (1.3.0)
    rubyzip (0.9.5)
    selenium-webdriver (2.20.0)
      childprocess (>= 0.2.5)
      ffi (~> 1.0)
      multi_json (~> 1.0)
      rubyzip
    term-ansicolor (1.0.7)
    watir-webdriver (0.5.3)
      selenium-webdriver (>= 2.12.0)

PLATFORMS
  ruby

DEPENDENCIES
  cucumber (= 1.1.3)
  page-object (= 0.6.3)
  rake (= 0.9.2)
  rspec (= 1.3.0)
  selenium-webdriver (= 2.20.0)
  watir-webdriver (= 0.5.3)
