GEM
  remote: http://rubygems.org/
  specs:
    builder (3.0.0)
    childprocess (0.2.0)
      ffi (~> 1.0.6)
    cucumber (1.0.1)
      builder (>= 2.1.2)
      diff-lcs (>= 1.1.2)
      gherkin (~> 2.4.5)
      json (>= 1.4.6)
      term-ansicolor (>= 1.0.5)
    diff-lcs (1.1.2)
    ffi (1.0.9)
    gherkin (2.4.5)
      json (>= 1.4.6)
    json (1.5.3)
    json_pure (1.5.3)
    page-object (0.2.1)
      selenium-webdriver (>= 2.2.0)
      watir-webdriver (>= 0.2.8)
    rake (0.9.2)
    rspec (1.3.0)
    rubyzip (0.9.4)
    selenium-webdriver (2.2.0)
      childprocess (>= 0.1.9)
      ffi (>= 1.0.7)
      json_pure
      rubyzip
    term-ansicolor (1.0.5)
    watir-webdriver (0.2.8)
      selenium-webdriver (>= 0.2.2)

PLATFORMS
  ruby

DEPENDENCIES
  cucumber
  page-object
  rake (= 0.9.2)
  rspec (= 1.3.0)
  selenium-webdriver
  watir-webdriver
