GEM
  remote: http://rubygems.org/
  specs:
    builder (3.0.0)
    childprocess (0.1.4)
      ffi (~> 0.6.3)
    cucumber (1.0.1)
      builder (>= 2.1.2)
      diff-lcs (>= 1.1.2)
      gherkin (~> 2.4.5)
      json (>= 1.4.6)
      term-ansicolor (>= 1.0.5)
    diff-lcs (1.1.2)
    ffi (0.6.3)
      rake (>= 0.8.7)
    gherkin (2.4.5)
      json (>= 1.4.6)
    git (1.2.5)
    jeweler (1.6.4)
      bundler (~> 1.0)
      git (>= 1.2.5)
      rake
    json (1.5.3)
    json_pure (1.5.3)
    rake (0.9.2)
    rspec (1.3.0)
    rubyzip (0.9.4)
    selenium-webdriver (0.1.0)
      childprocess (= 0.1.4)
      ffi (~> 0.6.3)
      json_pure
      rubyzip
    term-ansicolor (1.0.5)
    watir-webdriver (0.1.4)
      jeweler
      selenium-webdriver (>= 0.1.0)
      selenium-webdriver (>= 0.1.0)
      watir-webdriver

PLATFORMS
  ruby

DEPENDENCIES
  cucumber
  rake (= 0.9.2)
  rspec (= 1.3.0)
  selenium-webdriver (= 0.1.0)
  watir-webdriver (= 0.1.4)
